GEM
  remote: https://rubygems.org/
  specs:
    mini_portile2 (2.1.0)
    nokogiri (1.7.2-x86-mingw32)
      mini_portile2 (~> 2.1.0)
    ruby-ole (1.2.12.1)
    spreadsheet (1.1.4)
      ruby-ole (>= 1.0)

PLATFORMS
  x86-mingw32

DEPENDENCIES
  nokogiri
  spreadsheet

BUNDLED WITH
   1.14.6
